GEM
  remote: https://rubygems.org/
  specs:
    base64 (0.2.0)
    graphql (2.3.9)
      base64

PLATFORMS
  arm64-darwin-23
  ruby

DEPENDENCIES
  graphql (= 2.3.9)

BUNDLED WITH
   2.5.11
